GEM
  remote: https://rubygems.org/
  specs:
    nio4r (2.5.9)
    puma (6.3.0)
      nio4r (~> 2.0)
    rack (2.2.6.4)

PLATFORMS
  ruby

DEPENDENCIES
  puma
  rack

BUNDLED WITH
   2.3.11
