GEM
  remote: https://rubygems.org/
  specs:
    nio4r (2.7.0)
    puma (6.4.2)
      nio4r (~> 2.0)
    rack (3.0.9.1)

PLATFORMS
  ruby

DEPENDENCIES
  puma
  rack

BUNDLED WITH
   2.3.11
